PATH
  remote: .
  specs:
    factor-connector-ssh (0.0.6)
      factor-connector-api (~> 0.0.14)
      net-scp (~> 1.2.1)
      net-ssh (~> 2.9.2)

GEM
  remote: https://rubygems.org/
  specs:
    celluloid (0.16.0)
      timers (~> 4.0.0)
    codeclimate-test-reporter (0.4.5)
      simplecov (>= 0.7.1, < 1.0.0)
    diff-lcs (1.2.5)
    docile (1.1.5)
    factor-connector-api (0.0.14)
      celluloid (~> 0.16.0)
    hitimes (1.2.2)
    multi_json (1.10.1)
    net-scp (1.2.1)
      net-ssh (>= 2.6.5)
    net-ssh (2.9.2)
    rake (10.4.2)
    rspec (3.1.0)
      rspec-core (~> 3.1.0)
      rspec-expectations (~> 3.1.0)
      rspec-mocks (~> 3.1.0)
    rspec-core (3.1.7)
      rspec-support (~> 3.1.0)
    rspec-expectations (3.1.2)
      diff-lcs (>= 1.2.0, < 2.0)
      rspec-support (~> 3.1.0)
    rspec-mocks (3.1.3)
      rspec-support (~> 3.1.0)
    rspec-support (3.1.2)
    simplecov (0.9.1)
      docile (~> 1.1.0)
      multi_json (~> 1.0)
      simplecov-html (~> 0.8.0)
    simplecov-html (0.8.0)
    timers (4.0.1)
      hitimes

PLATFORMS
  ruby

DEPENDENCIES
  codeclimate-test-reporter (~> 0.4.5)
  factor-connector-ssh!
  rake (~> 10.4.2)
  rspec (~> 3.1.0)
