GIT
  remote: https://github.com/factor-io/factor.git
  revision: 54b5b3a702a02bfc849596f9db009d371140b239
  specs:
    factor (3.0.0)
      commander (~> 4.4.0)
      concurrent-ruby (~> 1.0.1)
      configatron (~> 4.5.0)
      rainbow (~> 2.1.0)

PATH
  remote: .
  specs:
    factor-connector-ssh (3.0.0)
      net-scp (~> 1.2.1)
      net-ssh (~> 3.1.1)

GEM
  remote: https://rubygems.org/
  specs:
    codeclimate-test-reporter (0.5.0)
      simplecov (>= 0.7.1, < 1.0.0)
    commander (4.4.0)
      highline (~> 1.7.2)
    concurrent-ruby (1.0.1)
    configatron (4.5.0)
    diff-lcs (1.2.5)
    docile (1.1.5)
    highline (1.7.8)
    json (1.8.3)
    net-scp (1.2.1)
      net-ssh (>= 2.6.5)
    net-ssh (3.1.1)
    rainbow (2.1.0)
    rake (11.1.2)
    rspec (3.4.0)
      rspec-core (~> 3.4.0)
      rspec-expectations (~> 3.4.0)
      rspec-mocks (~> 3.4.0)
    rspec-core (3.4.4)
      rspec-support (~> 3.4.0)
    rspec-expectations (3.4.0)
      diff-lcs (>= 1.2.0, < 2.0)
      rspec-support (~> 3.4.0)
    rspec-mocks (3.4.1)
      diff-lcs (>= 1.2.0, < 2.0)
      rspec-support (~> 3.4.0)
    rspec-support (3.4.1)
    simplecov (0.11.2)
      docile (~> 1.1.0)
      json (~> 1.8)
      simplecov-html (~> 0.10.0)
    simplecov-html (0.10.0)

PLATFORMS
  ruby

DEPENDENCIES
  codeclimate-test-reporter (~> 0.5.0)
  factor!
  factor-connector-ssh!
  rake (~> 11.1.2)
  rspec (~> 3.4.0)

BUNDLED WITH
   1.11.2
