GIT
  remote: https://github.com/factor-io/factor.git
  revision: c564c10681c85d3b024f906658853fe134b9c4bc
  specs:
    factor (3.0.0)
      commander (~> 4.4.0)
      concurrent-ruby (~> 1.0.1)
      configatron (~> 4.5.0)
      rainbow (~> 2.1.0)

PATH
  remote: .
  specs:
    factor-connector-ssh (3.0.0)
      net-scp (~> 1.2.1)
      net-ssh (~> 3.1.1)

GEM
  remote: https://rubygems.org/
  specs:
    codeclimate-test-reporter (0.4.7)
      simplecov (>= 0.7.1, < 1.0.0)
    commander (4.4.0)
      highline (~> 1.7.2)
    concurrent-ruby (1.0.1)
    configatron (4.5.0)
    diff-lcs (1.2.5)
    docile (1.1.5)
    highline (1.7.8)
    multi_json (1.11.0)
    net-scp (1.2.1)
      net-ssh (>= 2.6.5)
    net-ssh (3.1.1)
    rainbow (2.1.0)
    rake (10.4.2)
    rspec (3.2.0)
      rspec-core (~> 3.2.0)
      rspec-expectations (~> 3.2.0)
      rspec-mocks (~> 3.2.0)
    rspec-core (3.2.3)
      rspec-support (~> 3.2.0)
    rspec-expectations (3.2.1)
      diff-lcs (>= 1.2.0, < 2.0)
      rspec-support (~> 3.2.0)
    rspec-mocks (3.2.1)
      diff-lcs (>= 1.2.0, < 2.0)
      rspec-support (~> 3.2.0)
    rspec-support (3.2.2)
    simplecov (0.9.2)
      docile (~> 1.1.0)
      multi_json (~> 1.0)
      simplecov-html (~> 0.9.0)
    simplecov-html (0.9.0)

PLATFORMS
  ruby

DEPENDENCIES
  codeclimate-test-reporter (~> 0.4.7)
  factor!
  factor-connector-ssh!
  rake (~> 10.4.2)
  rspec (~> 3.2.0)

BUNDLED WITH
   1.11.2
